GIT
  remote: git://github.com/taf2/curb.git
  revision: dceafcd931c4fb7ad2c8d356537358fd1286e4ae
  ref: dceafcd931
  specs:
    curb (0.8.0)

GIT
  remote: git://github.com/tokland/ruby-progressbar.git
  revision: b998920312de4c6b2347e2a9deb599d01490be92
  specs:
    ruby-progressbar (0.0.10)

GEM
  remote: http://rubygems.org/
  specs:
    archive-tar-minitar (0.5.2)
    columnize (0.3.6)
    diff-lcs (1.1.3)
    enumerable-lazy (0.0.1)
    libv8 (3.3.10.4)
    linecache19 (0.5.13)
      ruby_core_source (>= 0.1.4)
    nestegg (0.0.2)
    nokogiri (1.5.5)
    rspec (2.10.0)
      rspec-core (~> 2.10.0)
      rspec-expectations (~> 2.10.0)
      rspec-mocks (~> 2.10.0)
    rspec-core (2.10.1)
    rspec-expectations (2.10.0)
      diff-lcs (~> 1.1.3)
    rspec-mocks (2.10.1)
    ruby-debug-base19 (0.11.26)
      columnize (>= 0.3.1)
      linecache19 (>= 0.5.11)
      ruby_core_source (>= 0.1.4)
    ruby-debug19 (0.11.6)
      columnize (>= 0.3.1)
      linecache19 (>= 0.5.11)
      ruby-debug-base19 (>= 0.11.19)
    ruby_core_source (0.1.5)
      archive-tar-minitar (>= 0.5.2)
    therubyracer (0.10.1)
      libv8 (~> 3.3.10)

PLATFORMS
  ruby

DEPENDENCIES
  curb!
  enumerable-lazy
  nestegg
  nokogiri
  rspec
  ruby-debug19
  ruby-progressbar!
  therubyracer
